PATH
  remote: .
  specs:
    twinpush (0.0.7)
      faraday (~> 0.12, >= 0.12.2)

GEM
  remote: https://rubygems.org/
  specs:
    addressable (2.8.0)
      public_suffix (>= 2.0.2, < 5.0)
    builder (3.2.3)
    ci_reporter (2.0.0)
      builder (>= 2.1.2)
    ci_reporter_rspec (1.0.0)
      ci_reporter (~> 2.0)
      rspec (>= 2.14, < 4)
    crack (0.4.3)
      safe_yaml (~> 1.0.0)
    datet (0.0.25)
    diff-lcs (1.3)
    faraday (0.17.4)
      multipart-post (>= 1.2, < 3)
    hashdiff (1.0.0)
    http2 (0.0.36)
      string-cases (~> 0)
    knjrbfw (0.0.113)
      datet
      http2
      php4r
      ruby_process
      tsafe
      wref (>= 0.0.8)
    multipart-post (2.1.1)
    php4r (0.0.4)
      datet
      http2
      string-strtr
    public_suffix (4.0.1)
    rake (13.0.1)
    rspec (3.9.0)
      rspec-core (~> 3.9.0)
      rspec-expectations (~> 3.9.0)
      rspec-mocks (~> 3.9.0)
    rspec-core (3.9.0)
      rspec-support (~> 3.9.0)
    rspec-expectations (3.9.0)
      diff-lcs (>= 1.2.0, < 2.0)
      rspec-support (~> 3.9.0)
    rspec-mocks (3.9.0)
      diff-lcs (>= 1.2.0, < 2.0)
      rspec-support (~> 3.9.0)
    rspec-support (3.9.0)
    ruby_process (0.0.13)
      string-cases
      tsafe
      wref
    safe_yaml (1.0.5)
    string-cases (0.0.4)
    string-strtr (0.0.3)
    tsafe (0.0.12)
    webmock (3.7.6)
      addressable (>= 2.3.6)
      crack (>= 0.3.2)
      hashdiff (>= 0.4.0, < 2.0.0)
    wref (0.0.8)

PLATFORMS
  ruby

DEPENDENCIES
  ci_reporter_rspec
  knjrbfw (~> 0.0.113)
  rake
  rspec
  twinpush!
  webmock

BUNDLED WITH
   2.2.19
